PATH
  remote: .
  specs:
    crisalid_odoo_client (1.2.2)
      xmlrpc (~> 0.3.0)

GEM
  remote: https://rubygems.org/
  specs:
    minitest (5.11.3)
    rake (12.3.2)
    xmlrpc (0.3.0)

PLATFORMS
  ruby

DEPENDENCIES
  bundler (~> 1.17)
  crisalid_odoo_client!
  minitest (~> 5.11)
  rake (~> 12.3)

RUBY VERSION
   ruby 2.5.3p105

BUNDLED WITH
   1.17.1
